GEM
  remote: https://rubygems.org/
  specs:
    bson (4.12.0)
    dotenv (2.7.6)
    iso-639 (0.3.5)
    json (2.5.1)
    mongo (2.14.0)
      bson (>= 4.8.2, < 5.0.0)
    nice_hash (1.17.2)
      string_pattern (~> 2.2, >= 2.2.2)
    nice_http (1.8.9)
      nice_hash (~> 1.17, >= 1.17)
    nokogiri (1.11.3-x86_64-darwin)
      racc (~> 1.4)
    optimist (3.0.1)
    racc (1.5.2)
    regexp_parser (1.8.2)
    saxerator (0.9.9)
    string_pattern (2.2.2)
      regexp_parser (~> 1.3, >= 1.3.0)

PLATFORMS
  ruby
  x86_64-darwin-20

DEPENDENCIES
  dotenv
  iso-639
  json (~> 2.3)
  mongo (~> 2.4, >= 2.4.3)
  nice_http
  nokogiri
  optimist (~> 3.0)
  saxerator

BUNDLED WITH
   2.2.16
