GEM
  remote: https://rubygems.org/
  specs:
    bson (4.15.0)
    iso-639 (0.3.5)
    json (2.6.2)
    mini_portile2 (2.4.0)
    mongo (2.18.1)
      bson (>= 4.14.1, < 5.0.0)
    nice_hash (1.17.2)
      string_pattern (~> 2.2, >= 2.2.2)
    nice_http (1.8.9)
      nice_hash (~> 1.17, >= 1.17)
    nokogiri (1.10.10)
      mini_portile2 (~> 2.4.0)
    optimist (3.0.1)
    regexp_parser (1.8.2)
    saxerator (0.9.9)
    string_pattern (2.2.3)
      regexp_parser (~> 1.3, >= 1.3.0)
    terminal-table (3.0.2)
      unicode-display_width (>= 1.1.1, < 3)
    unicode-display_width (2.2.0)

PLATFORMS
  x86_64-linux

DEPENDENCIES
  iso-639
  json (~> 2.3)
  mongo (~> 2.4, >= 2.4.3)
  nice_http
  nokogiri (~> 1.10, <= 1.10.10)
  optimist (~> 3.0)
  saxerator
  terminal-table

BUNDLED WITH
   2.2.3
