GEM
  remote: https://rubygems.org/
  specs:
    bson (4.15.0)
    image_size (3.0.2)
    iso-639 (0.3.5)
    json (2.6.2)
    mini_portile2 (2.8.0)
    mongo (2.14.0)
      bson (>= 4.8.2, < 5.0.0)
    mysql2 (0.5.4)
    nice_hash (1.17.2)
      string_pattern (~> 2.2, >= 2.2.2)
    nice_http (1.8.9)
      nice_hash (~> 1.17, >= 1.17)
    nokogiri (1.13.8)
      mini_portile2 (~> 2.8.0)
      racc (~> 1.4)
    nokogiri (1.13.8-x86_64-linux)
      racc (~> 1.4)
    optimist (3.0.1)
    racc (1.6.0)
    regexp_parser (1.8.2)
    saxerator (0.9.9)
    string_pattern (2.2.3)
      regexp_parser (~> 1.3, >= 1.3.0)
    terminal-table (3.0.2)
      unicode-display_width (>= 1.1.1, < 3)
    unicode-display_width (2.2.0)

PLATFORMS
  ruby
  x86_64-linux

DEPENDENCIES
  image_size (~> 3.0)
  iso-639
  json (~> 2.3)
  mongo (= 2.14)
  mysql2
  nice_http
  nokogiri
  optimist (~> 3.0)
  saxerator
  terminal-table

BUNDLED WITH
   2.2.3
